GEM
  remote: https://rubygems.org/
  specs:
    byebug (11.1.2)
    httparty (0.18.0)
      mime-types (~> 3.0)
      multi_xml (>= 0.5.2)
    mime-types (3.3.1)
      mime-types-data (~> 3.2015)
    mime-types-data (3.2019.1009)
    mini_portile (0.6.2)
    multi_xml (0.6.0)
    nokogiri (1.6.6.4-x64-mingw32)
      mini_portile (~> 0.6.0)

PLATFORMS
  x64-mingw32

DEPENDENCIES
  byebug
  httparty
  nokogiri (~> 1.6.0)

BUNDLED WITH
   2.1.4
